NUGET
  remote: https://www.nuget.org/api/v2
    FAKE (4.29.2)
    NuGet.CommandLine (3.4.3)
    paket.bootstrapper (3.0)
